GEM
  remote: https://rubygems.org/
  specs:
    puma (2.11.2)
      rack (>= 1.1, < 2.0)
    rack (1.6.2)
    rack-protection (1.5.5)
      rack
    sinatra (1.4.6)
      rack (~> 1.6)
      rack-protection (~> 1.4.6)
      tilt (>= 1.3, < 3)
    tilt (2.0.1)

PLATFORMS
  ruby

DEPENDENCIES
  puma
  rack
  sinatra
